GEM
  remote: https://rubygems.org/
  specs:
    coderay (1.1.3)
    terminal-table (1.8.0)
      unicode-display_width (~> 1.1, >= 1.1.1)
    unicode-display_width (1.7.0)

PLATFORMS
  ruby

DEPENDENCIES
  coderay
  terminal-table

BUNDLED WITH
   2.1.4
