GEM
  remote: https://rubygems.org/
  specs:
    coderay (1.1.3)

PLATFORMS
  ruby

DEPENDENCIES
  coderay

BUNDLED WITH
   2.1.4
